GEM
  specs:
    coderay (1.0.9)
    kramdown (1.2.0)

PLATFORMS
  ruby

DEPENDENCIES
  coderay
  kramdown
